GEM
  remote: https://rubygems.org/
  specs:
    rake (11.2.2)
    sass (3.4.22)
    scss_lint (0.50.3)
      rake (>= 0.9, < 12)
      sass (~> 3.4.20)

PLATFORMS
  ruby

DEPENDENCIES
  scss_lint (= 0.50.3)

BUNDLED WITH
   1.13.6
